GEM
  remote: http://rubygems.org/
  specs:
    backports (2.6.4)
    coderay (1.0.8)
    columnize (0.3.6)
    daemons (1.1.9)
    debugger (1.2.1)
      columnize (>= 0.3.1)
      debugger-linecache (~> 1.1.1)
      debugger-ruby_core_source (~> 1.1.4)
    debugger-linecache (1.1.2)
      debugger-ruby_core_source (>= 1.1.1)
    debugger-ruby_core_source (1.1.4)
    eventmachine (1.0.0)
    ffi (1.1.5)
    git (1.2.5)
    guard (1.5.0)
      listen (>= 0.4.2)
      lumberjack (>= 1.0.2)
      pry (>= 0.9.10)
      thor (>= 0.14.6)
    guard-bundler (1.0.0)
      bundler (~> 1.0)
      guard (~> 1.1)
    guard-shell (0.5.1)
      guard (>= 1.1.0)
    guard-test (0.5.0)
      guard (>= 1.1.0)
      test-unit (~> 2.2)
    hashie (1.2.0)
    jeweler (1.8.4)
      bundler (~> 1.0)
      git (>= 1.2.5)
      rake
      rdoc
    json (1.7.5)
    listen (0.5.3)
    lumberjack (1.0.2)
    metaclass (0.0.1)
    method_source (0.8.1)
    mocha (0.12.7)
      metaclass (~> 0.0.1)
    multi_json (1.3.6)
    mustache (0.99.4)
    omniauth (1.1.1)
      hashie (~> 1.2)
      rack
    pry (0.9.10)
      coderay (~> 1.0.5)
      method_source (~> 0.8)
      slop (~> 3.3.1)
    rack (1.4.1)
    rack-protection (1.2.0)
      rack
    rack-test (0.6.2)
      rack (>= 1.0)
    rake (0.9.2.2)
    rb-inotify (0.8.8)
      ffi (>= 0.5.0)
    rdoc (3.12)
      json (~> 1.4)
    sequel (3.40.0)
    simplecov (0.7.1)
      multi_json (~> 1.0)
      simplecov-html (~> 0.7.1)
    simplecov-html (0.7.1)
    sinatra (1.3.3)
      rack (~> 1.3, >= 1.3.6)
      rack-protection (~> 1.2)
      tilt (~> 1.3, >= 1.3.3)
    sinatra-contrib (1.3.2)
      backports (>= 2.0)
      eventmachine
      rack-protection
      rack-test
      sinatra (~> 1.3.0)
      tilt (~> 1.3)
    slop (3.3.3)
    sqlite3 (1.3.6)
    test-unit (2.5.2)
    thin (1.5.0)
      daemons (>= 1.0.9)
      eventmachine (>= 0.12.6)
      rack (>= 1.0.0)
    thor (0.16.0)
    tilt (1.3.3)

PLATFORMS
  ruby

DEPENDENCIES
  bundler
  debugger
  guard-bundler
  guard-shell
  guard-test
  jeweler
  mocha
  mustache
  omniauth
  rack-test
  rb-inotify
  sequel
  simplecov
  sinatra
  sinatra-contrib
  sqlite3
  test-unit
  thin
