PATH
  remote: .
  specs:
    collect (0.0.1)
      json
      mustache
      omniauth
      sequel
      sinatra

GEM
  remote: https://rubygems.org/
  specs:
    coderay (1.0.8)
    columnize (0.3.6)
    debugger (1.2.3)
      columnize (>= 0.3.1)
      debugger-linecache (~> 1.1.1)
      debugger-ruby_core_source (~> 1.1.5)
    debugger-linecache (1.1.2)
      debugger-ruby_core_source (>= 1.1.1)
    debugger-ruby_core_source (1.1.6)
    ffi (1.3.1)
    growl (1.0.3)
    guard (1.6.1)
      listen (>= 0.6.0)
      lumberjack (>= 1.0.2)
      pry (>= 0.9.10)
      thor (>= 0.14.6)
    guard-bundler (1.0.0)
      bundler (~> 1.0)
      guard (~> 1.1)
    guard-rack (1.3.0)
      growl (~> 1.0.3)
      guard (~> 1.1)
      rb-fsevent (>= 0.3.9)
      spoon (~> 0.0.1)
    guard-shell (0.5.1)
      guard (>= 1.1.0)
    guard-test (0.7.0)
      guard (>= 1.1)
      test-unit (~> 2.2)
    hashie (1.2.0)
    json (1.7.6)
    listen (0.7.2)
    lumberjack (1.0.2)
    metaclass (0.0.1)
    method_source (0.8.1)
    mocha (0.13.1)
      metaclass (~> 0.0.1)
    mustache (0.99.4)
    omniauth (1.1.1)
      hashie (~> 1.2)
      rack
    pry (0.9.10)
      coderay (~> 1.0.5)
      method_source (~> 0.8)
      slop (~> 3.3.1)
    rack (1.4.4)
    rack-protection (1.3.2)
      rack
    rack-test (0.6.2)
      rack (>= 1.0)
    rake (10.0.3)
    rb-fsevent (0.9.3)
    rb-inotify (0.8.8)
      ffi (>= 0.5.0)
    sequel (3.43.0)
    sinatra (1.3.3)
      rack (~> 1.3, >= 1.3.6)
      rack-protection (~> 1.2)
      tilt (~> 1.3, >= 1.3.3)
    slop (3.3.3)
    spoon (0.0.1)
    sqlite3 (1.3.7)
    test-unit (2.5.3)
    thor (0.16.0)
    tilt (1.3.3)

PLATFORMS
  ruby

DEPENDENCIES
  bundler
  collect!
  debugger
  guard-bundler
  guard-rack
  guard-shell
  guard-test
  mocha
  rack-test
  rake
  rb-inotify (~> 0.8.8)
  sqlite3
  test-unit
