GEM
  remote: http://rubygems.org/
  specs:
    git (1.2.5)
    guard (0.8.8)
      thor (~> 0.14.6)
    guard-bundler (0.1.3)
      bundler (>= 1.0.0)
      guard (>= 0.2.2)
    guard-shell (0.1.1)
      guard (>= 0.2.0)
    guard-test (0.4.2)
      guard (>= 0.4)
      test-unit (~> 2.2)
    hashie (1.2.0)
    jeweler (1.6.4)
      bundler (~> 1.0)
      git (>= 1.2.5)
      rake
    metaclass (0.0.1)
    mocha (0.10.0)
      metaclass (~> 0.0.1)
    omniauth (1.0.1)
      hashie (~> 1.2)
      rack
    rack (1.3.5)
    rack-protection (1.1.4)
      rack
    rack-test (0.6.1)
      rack (>= 1.0)
    rake (0.9.2.2)
    rcov (0.9.11)
    sequel (3.30.0)
    sinatra (1.3.1)
      rack (~> 1.3, >= 1.3.4)
      rack-protection (~> 1.1, >= 1.1.2)
      tilt (~> 1.3, >= 1.3.3)
    sqlite3 (1.3.5)
    test-unit (2.4.3)
    thor (0.14.6)
    tilt (1.3.3)

PLATFORMS
  ruby

DEPENDENCIES
  bundler (~> 1.0.0)
  guard-bundler
  guard-shell
  guard-test
  jeweler (~> 1.6.4)
  mocha
  omniauth
  rack-test
  rcov
  sequel
  sinatra
  sqlite3
  test-unit
